GEM
  remote: https://rubygems.org/
  specs:
    addressable (2.3.2)
    carrier-pigeon (0.5.0)
      addressable
    configatron (2.9.1)
      yamler (>= 0.1.0)
    diff-lcs (1.1.3)
    eventmachine (0.12.10)
    ffi (1.1.5)
    fluent-logger (0.4.3)
      msgpack (~> 0.4.4)
      yajl-ruby (~> 1.0)
    msgpack (0.4.7)
    net-ldap (0.2.2)
    net-ping (1.5.3)
      ffi (>= 1.0.0)
      net-ldap (~> 0.2.2)
    rspec (2.11.0)
      rspec-core (~> 2.11.0)
      rspec-expectations (~> 2.11.0)
      rspec-mocks (~> 2.11.0)
    rspec-core (2.11.1)
    rspec-expectations (2.11.3)
      diff-lcs (~> 1.1.3)
    rspec-mocks (2.11.2)
    slop (3.3.3)
    yajl-ruby (1.1.0)
    yamler (0.1.0)

PLATFORMS
  ruby

DEPENDENCIES
  carrier-pigeon
  configatron
  eventmachine
  fluent-logger
  net-ping
  rspec
  slop
